PATH
  remote: .
  specs:
    piggybak_bundle_discounts (0.1.1)

GEM
  remote: http://rubygems.org/
  specs:

PLATFORMS
  ruby

DEPENDENCIES
  piggybak_bundle_discounts!
